GIT
  remote: https://github.com/danielpietzsch/jekyll-webmention_io.git
  revision: 36c86ee196729394b98deb8a413aa2ead2eee860
  branch: jekyll4
  specs:
    jekyll-webmention_io (3.3.7)
      htmlbeautifier (~> 1.1)
      jekyll (>= 3.2.0, < 5.0)
      json (~> 2.0)
      jsonpath (~> 1.0.1)
      openssl (>= 2.0, < 4.0)
      string_inflection (~> 0.1)
      uglifier (~> 4.1)
      webmention (~> 7.0)

GIT
  remote: https://github.com/maxandersen/startbootstrap-clean-blog-jekyll.git
  revision: dfae2971224227c588094ce3a288cc635c81ea91
  branch: master
  specs:
    jekyll-theme-clean-blog (4.0.1)
      jekyll (>= 3.6)

GEM
  remote: https://rubygems.org/
  specs:
    addressable (2.8.5)
      public_suffix (>= 2.0.2, < 6.0)
    asciidoctor (2.0.20)
    colorator (1.1.0)
    concurrent-ruby (1.2.2)
    domain_name (0.5.20190701)
      unf (>= 0.0.5, < 1.0.0)
    domainatrix (0.0.11)
      addressable
    em-websocket (0.5.3)
      eventmachine (>= 0.12.9)
      http_parser.rb (~> 0)
    ethon (0.16.0)
      ffi (>= 1.15.0)
    eventmachine (1.2.7)
    execjs (2.9.1)
    ffi (1.16.3)
    ffi-compiler (1.0.1)
      ffi (>= 1.0.0)
      rake
    forwardable-extended (2.6.0)
    google-protobuf (3.24.4-arm64-darwin)
    google-protobuf (3.24.4-x86_64-linux)
    html-proofer (4.4.3)
      addressable (~> 2.3)
      mercenary (~> 0.3)
      nokogiri (~> 1.13)
      parallel (~> 1.10)
      rainbow (~> 3.0)
      typhoeus (~> 1.3)
      yell (~> 2.0)
      zeitwerk (~> 2.5)
    htmlbeautifier (1.4.2)
    http (5.1.1)
      addressable (~> 2.8)
      http-cookie (~> 1.0)
      http-form_data (~> 2.2)
      llhttp-ffi (~> 0.4.0)
    http-cookie (1.0.5)
      domain_name (~> 0.5)
    http-form_data (2.3.0)
    http_parser.rb (0.8.0)
    i18n (1.14.1)
      concurrent-ruby (~> 1.0)
    indieweb-endpoints (8.0.0)
      http (~> 5.0)
      link-header-parser (~> 5.0)
      nokogiri (>= 1.13)
    jekyll (4.3.2)
      addressable (~> 2.4)
      colorator (~> 1.0)
      em-websocket (~> 0.5)
      i18n (~> 1.0)
      jekyll-sass-converter (>= 2.0, < 4.0)
      jekyll-watch (~> 2.0)
      kramdown (~> 2.3, >= 2.3.1)
      kramdown-parser-gfm (~> 1.0)
      liquid (~> 4.0)
      mercenary (>= 0.3.6, < 0.5)
      pathutil (~> 0.9)
      rouge (>= 3.0, < 5.0)
      safe_yaml (~> 1.0)
      terminal-table (>= 1.8, < 4.0)
      webrick (~> 1.7)
    jekyll-analytics (0.1.14)
    jekyll-asciidoc (3.0.0)
      asciidoctor (>= 1.5.0)
      jekyll (>= 3.0.0)
    jekyll-compose (0.12.0)
      jekyll (>= 3.7, < 5.0)
    jekyll-feed (0.17.0)
      jekyll (>= 3.7, < 5.0)
    jekyll-last-modified-at (1.3.0)
      jekyll (>= 3.7, < 5.0)
      posix-spawn (~> 0.3.9)
    jekyll-paginate (1.1.0)
    jekyll-postfiles (3.1.0)
      jekyll (>= 3.8.6, < 5)
    jekyll-sass-converter (3.0.0)
      sass-embedded (~> 1.54)
    jekyll-watch (2.2.1)
      listen (~> 3.0)
    json (2.6.3)
    jsonpath (1.0.7)
      multi_json
    kramdown (2.4.0)
      rexml
    kramdown-parser-gfm (1.1.0)
      kramdown (~> 2.0)
    link-header-parser (5.0.0)
    liquid (4.0.4)
    listen (3.8.0)
      rb-fsevent (~> 0.10, >= 0.10.3)
      rb-inotify (~> 0.9, >= 0.9.10)
    llhttp-ffi (0.4.0)
      ffi-compiler (~> 1.0)
      rake (~> 13.0)
    mercenary (0.4.0)
    multi_json (1.15.0)
    nokogiri (1.15.6-arm64-darwin)
      racc (~> 1.4)
    nokogiri (1.15.6-x86_64-linux)
      racc (~> 1.4)
    openssl (3.2.0)
    parallel (1.23.0)
    pathutil (0.16.2)
      forwardable-extended (~> 2.6)
    posix-spawn (0.3.15)
    public_suffix (5.0.3)
    pygments.rb (2.4.0)
    racc (1.7.3)
    rainbow (3.1.1)
    rake (13.0.6)
    rb-fsevent (0.11.2)
    rb-inotify (0.10.1)
      ffi (~> 1.0)
    rexml (3.2.6)
    rouge (4.1.3)
    safe_yaml (1.0.5)
    sass-embedded (1.63.6-arm64-darwin)
      google-protobuf (~> 3.23)
    sass-embedded (1.63.6-x86_64-linux-gnu)
      google-protobuf (~> 3.23)
    string_inflection (0.1.2)
    terminal-table (3.0.2)
      unicode-display_width (>= 1.1.1, < 3)
    typhoeus (1.4.0)
      ethon (>= 0.9.0)
    uglifier (4.2.0)
      execjs (>= 0.3.0, < 3)
    unf (0.1.4)
      unf_ext
    unf_ext (0.0.8.2)
    unicode-display_width (2.5.0)
    webmention (7.0.0)
      http (~> 5.0)
      indieweb-endpoints (~> 8.0)
      nokogiri (>= 1.13)
    webrick (1.8.1)
    yell (2.2.2)
    zeitwerk (2.6.12)

PLATFORMS
  arm64-darwin-23
  x86_64-linux

DEPENDENCIES
  domainatrix
  html-proofer
  jekyll (~> 4.3)
  jekyll-analytics
  jekyll-asciidoc
  jekyll-compose
  jekyll-feed (~> 0.17)
  jekyll-last-modified-at
  jekyll-paginate
  jekyll-postfiles
  jekyll-theme-clean-blog!
  jekyll-webmention_io!
  pygments.rb (~> 2.4.0)
  rake
  tzinfo-data

BUNDLED WITH
   2.3.25
