GIT
  remote: https://github.com/danielpietzsch/jekyll-webmention_io.git
  revision: bca0d1935121a23d32bcb096b65ef3ec1f90f0b1
  branch: jekyll4
  specs:
    jekyll-webmention_io (3.3.5)
      htmlbeautifier (~> 1.1)
      jekyll (>= 3.2.0, < 5.0)
      json (~> 2.0)
      openssl (~> 2.0)
      string_inflection (~> 0.1)
      uglifier (~> 4.1)
      webmention (~> 0.1.6)

GIT
  remote: https://github.com/maxandersen/startbootstrap-clean-blog-jekyll.git
  revision: dfae2971224227c588094ce3a288cc635c81ea91
  branch: master
  specs:
    jekyll-theme-clean-blog (4.0.1)
      jekyll (>= 3.6)

GEM
  remote: https://rubygems.org/
  specs:
    addressable (2.7.0)
      public_suffix (>= 2.0.2, < 5.0)
    asciidoctor (2.0.12)
    colorator (1.1.0)
    concurrent-ruby (1.1.7)
    domainatrix (0.0.11)
      addressable
    em-websocket (0.5.2)
      eventmachine (>= 0.12.9)
      http_parser.rb (~> 0.6.0)
    ethon (0.12.0)
      ffi (>= 1.3.0)
    eventmachine (1.2.7)
    execjs (2.7.0)
    ffi (1.14.2)
    forwardable-extended (2.6.0)
    html-proofer (3.18.5)
      addressable (~> 2.3)
      mercenary (~> 0.3)
      nokogumbo (~> 2.0)
      parallel (~> 1.3)
      rainbow (~> 3.0)
      typhoeus (~> 1.3)
      yell (~> 2.0)
    htmlbeautifier (1.3.1)
    http_parser.rb (0.6.0)
    httparty (0.15.7)
      multi_xml (>= 0.5.2)
    i18n (1.8.7)
      concurrent-ruby (~> 1.0)
    jekyll (4.0.1)
      addressable (~> 2.4)
      colorator (~> 1.0)
      em-websocket (~> 0.5)
      i18n (>= 0.9.5, < 2)
      jekyll-sass-converter (~> 2.0)
      jekyll-watch (~> 2.0)
      kramdown (~> 2.1)
      kramdown-parser-gfm (~> 1.0)
      liquid (~> 4.0)
      mercenary (~> 0.3.3)
      pathutil (~> 0.9)
      rouge (~> 3.0)
      safe_yaml (~> 1.0)
      terminal-table (~> 1.8)
    jekyll-analytics (0.1.14)
    jekyll-asciidoc (3.0.0)
      asciidoctor (>= 1.5.0)
      jekyll (>= 3.0.0)
    jekyll-compose (0.12.0)
      jekyll (>= 3.7, < 5.0)
    jekyll-feed (0.15.1)
      jekyll (>= 3.7, < 5.0)
    jekyll-last-modified-at (1.3.0)
      jekyll (>= 3.7, < 5.0)
      posix-spawn (~> 0.3.9)
    jekyll-paginate (1.1.0)
    jekyll-postfiles (3.1.0)
      jekyll (>= 3.8.6, < 5)
    jekyll-sass-converter (2.1.0)
      sassc (> 2.0.1, < 3.0)
    jekyll-watch (2.2.1)
      listen (~> 3.0)
    json (2.5.1)
    kramdown (2.3.0)
      rexml
    kramdown-parser-gfm (1.1.0)
      kramdown (~> 2.0)
    link_header (0.0.8)
    liquid (4.0.3)
    listen (3.4.0)
      rb-fsevent (~> 0.10, >= 0.10.3)
      rb-inotify (~> 0.9, >= 0.9.10)
    mercenary (0.3.6)
    mini_portile2 (2.8.0)
    multi_json (1.15.0)
    multi_xml (0.6.0)
    nokogiri (1.13.3)
      mini_portile2 (~> 2.8.0)
      racc (~> 1.4)
    nokogumbo (2.0.4)
      nokogiri (~> 1.8, >= 1.8.4)
    openssl (2.2.0)
    parallel (1.20.1)
    pathutil (0.16.2)
      forwardable-extended (~> 2.6)
    posix-spawn (0.3.15)
    public_suffix (4.0.6)
    pygments.rb (1.1.2)
      multi_json (>= 1.0.0)
    racc (1.6.0)
    rainbow (3.0.0)
    rake (13.0.3)
    rb-fsevent (0.10.4)
    rb-inotify (0.10.1)
      ffi (~> 1.0)
    rexml (3.2.4)
    rouge (3.26.0)
    safe_yaml (1.0.5)
    sassc (2.4.0)
      ffi (~> 1.9)
    string_inflection (0.1.2)
    terminal-table (1.8.0)
      unicode-display_width (~> 1.1, >= 1.1.1)
    typhoeus (1.4.0)
      ethon (>= 0.9.0)
    uglifier (4.2.0)
      execjs (>= 0.3.0, < 3)
    unicode-display_width (1.7.0)
    webmention (0.1.6)
      httparty (~> 0.15.5)
      json
      link_header (~> 0.0.8)
      nokogiri
    yell (2.2.2)

PLATFORMS
  ruby

DEPENDENCIES
  domainatrix
  html-proofer
  jekyll (~> 4.0.1)
  jekyll-analytics
  jekyll-asciidoc
  jekyll-compose
  jekyll-feed (~> 0.12)
  jekyll-last-modified-at
  jekyll-paginate
  jekyll-postfiles
  jekyll-theme-clean-blog!
  jekyll-webmention_io!
  pygments.rb (~> 1.1.2)
  rake
  tzinfo-data

BUNDLED WITH
   2.1.4
